GEM
  remote: http://rubygems.org/
  specs:
    badfruit (1.1.2)
      httparty
      json
    commonjs (0.2.6)
    haml (3.1.4)
    httparty (0.8.3)
      multi_json (~> 1.0)
      multi_xml
    json (1.7.0)
    less (2.2.1)
      commonjs (~> 0.2.6)
    multi_json (1.3.4)
    multi_xml (0.4.4)
    rack (1.4.1)
    rack-protection (1.2.0)
      rack
    sinatra (1.3.2)
      rack (~> 1.3, >= 1.3.6)
      rack-protection (~> 1.2)
      tilt (~> 1.3, >= 1.3.3)
    tilt (1.3.3)

PLATFORMS
  ruby

DEPENDENCIES
  badfruit
  haml
  less
  sinatra
